PATH
  remote: ~/Dropbox/Projects/*Defaults/Misc/Gems/motion-kit
  specs:
    motion-kit (0.17.0)
      dbt (~> 1.1.5)

GEM
  remote: https://rubygems.org/
  specs:
    ProMotion (2.2.0)
      methadone (~> 1.7)
    awesome_print_motion (0.1.0)
    bubble-wrap (1.7.1)
      bubble-wrap-http (= 1.7.1)
    bubble-wrap-http (1.7.1)
    dbt (1.1.5)
    methadone (1.8.0)
      bundler
    motion-installr (1.0.1)
    rake (10.4.2)
    ruby_motion_query (0.9.0)
    sugarcube (3.0.2)

PLATFORMS
  ruby

DEPENDENCIES
  ProMotion (~> 2.0)
  awesome_print_motion (~> 0.1)
  bubble-wrap (~> 1.7.1)
  motion-installr
  motion-kit!
  rake
  ruby_motion_query (~> 0.6)
  sugarcube
